GEM
  remote: http://rubygems.org/
  specs:
    activesupport (3.2.16)
      i18n (~> 0.6, >= 0.6.4)
      multi_json (~> 1.0)
    bubble-wrap (1.3.0)
    claide (0.4.0)
    cocoapods (0.28.0)
      activesupport (>= 3.2.15, < 4)
      claide (~> 0.4.0)
      cocoapods-core (= 0.28.0)
      cocoapods-downloader (~> 0.2.0)
      colored (~> 1.2)
      escape (~> 0.0.4)
      json_pure (~> 1.8)
      open4 (~> 1.3)
      xcodeproj (~> 0.14.1)
    cocoapods-core (0.28.0)
      activesupport (>= 3.2.15, < 4)
      fuzzy_match (~> 2.0.4)
      json (~> 1.8)
      nap (~> 0.5)
    cocoapods-downloader (0.2.0)
    colored (1.2)
    escape (0.0.4)
    fuzzy_match (2.0.4)
    i18n (0.6.9)
    json (1.8.1)
    json_pure (1.8.1)
    methadone (1.3.1)
      bundler
    motion-cocoapods (1.4.0)
      cocoapods (>= 0.26.2)
    motion-prime (0.5.2)
      bubble-wrap
      cocoapods
      methadone
      motion-cocoapods
      motion-require
      motion-support
      sugarcube
    motion-require (0.0.7)
    motion-support (0.2.5)
      motion-require (>= 0.0.6)
    multi_json (1.8.2)
    nap (0.6.0)
    open4 (1.3.0)
    prime_reside_menu (0.1.3)
      cocoapods
      motion-cocoapods
      motion-require
    rake (10.1.1)
    sugarcube (1.3.11)
    xcodeproj (0.14.1)
      activesupport (~> 3.0)
      colored (~> 1.2)
      rake

PLATFORMS
  ruby

DEPENDENCIES
  bubble-wrap (~> 1.3.0)
  motion-cocoapods (~> 1.4.0)
  motion-prime (~> 0.5.2)
  motion-support (~> 0.2.4)
  prime_reside_menu (~> 0.1.3)
  sugarcube (~> 1.3.7)
