GEM
  remote: http://rubygems.org/
  specs:
    activesupport (3.2.17)
      i18n (~> 0.6, >= 0.6.4)
      multi_json (~> 1.0)
    afmotion (2.1.2)
      motion-cocoapods (~> 1.4.0)
      motion-require (>= 0.1)
    bubble-wrap (1.5.0)
    claide (0.4.0)
    cocoapods (0.29.0)
      activesupport (>= 3.2.15, < 4)
      claide (~> 0.4.0)
      cocoapods-core (= 0.29.0)
      cocoapods-downloader (~> 0.3.0)
      cocoapods-try-release-fix (~> 0.1.1)
      colored (~> 1.2)
      escape (~> 0.0.4)
      json_pure (~> 1.8)
      nap (~> 0.5)
      open4 (~> 1.3)
      xcodeproj (~> 0.14.1)
    cocoapods-core (0.29.0)
      activesupport (>= 3.2.15, < 4)
      fuzzy_match (~> 2.0.4)
      json_pure (~> 1.8)
      nap (~> 0.5)
    cocoapods-downloader (0.3.0)
    cocoapods-try-release-fix (0.1.2)
    colored (1.2)
    escape (0.0.4)
    fuzzy_match (2.0.4)
    i18n (0.6.9)
    json_pure (1.8.1)
    methadone (1.3.2)
      bundler
    motion-awesome (0.0.6)
      motion-map
    motion-cocoapods (1.4.0)
      cocoapods (>= 0.26.2)
    motion-map (0.0.4)
    motion-prime (0.9.6)
      activesupport
      afmotion (~> 2.1.0)
      bubble-wrap (~> 1.5.0)
      cocoapods
      methadone
      motion-cocoapods
      motion-require
      motion-support (~> 0.2.6)
      rm-digest
      sugarcube (~> 1.5.2)
      thor
    motion-require (0.2.0)
    motion-support (0.2.6)
      motion-require (>= 0.0.6)
    multi_json (1.9.2)
    nap (0.6.0)
    open4 (1.3.3)
    prime_awesome (0.0.1)
      cocoapods
      motion-awesome
      motion-cocoapods
      motion-require
    prime_reside_menu (0.1.4)
      cocoapods
      motion-cocoapods
      motion-require
    prime_sliding_action (0.2.0)
      cocoapods
      motion-cocoapods
      motion-prime (>= 0.9.6)
      motion-require
    rake (10.2.1)
    rm-digest (0.0.2)
    sugarcube (1.5.5)
    thor (0.19.1)
    xcodeproj (0.14.1)
      activesupport (~> 3.0)
      colored (~> 1.2)
      rake

PLATFORMS
  ruby

DEPENDENCIES
  motion-cocoapods (~> 1.4.0)
  motion-prime (= 0.9.6)
  prime_awesome (~> 0.0.1)
  prime_reside_menu (~> 0.1.4)
  prime_sliding_action (= 0.2.0)
