GEM
  remote: http://rubygems.org/
  specs:
    activesupport (3.2.18)
      i18n (~> 0.6, >= 0.6.4)
      multi_json (~> 1.0)
    afmotion (2.1.4)
      motion-cocoapods (~> 1.4.0)
      motion-require (>= 0.1)
    bubble-wrap (1.6.0)
      bubble-wrap-http (= 1.6.0)
    bubble-wrap-http (1.6.0)
    claide (0.6.1)
    cocoapods (0.33.1)
      activesupport (>= 3.2.15, < 4)
      claide (~> 0.6.1)
      cocoapods-core (= 0.33.1)
      cocoapods-downloader (~> 0.6.1)
      cocoapods-plugins (~> 0.2.0)
      cocoapods-trunk (~> 0.1.1)
      cocoapods-try (~> 0.3.0)
      colored (~> 1.2)
      escape (~> 0.0.4)
      json_pure (~> 1.8)
      nap (~> 0.7)
      open4 (~> 1.3)
      xcodeproj (~> 0.17.0)
    cocoapods-core (0.33.1)
      activesupport (>= 3.2.15)
      fuzzy_match (~> 2.0.4)
      json_pure (~> 1.8)
      nap (~> 0.5)
    cocoapods-downloader (0.6.1)
    cocoapods-plugins (0.2.0)
      nap
    cocoapods-trunk (0.1.3)
      json_pure (~> 1.8)
      nap (>= 0.6)
      netrc
    cocoapods-try (0.3.0)
    colored (1.2)
    escape (0.0.4)
    fuzzy_match (2.0.4)
    i18n (0.6.9)
    json_pure (1.8.1)
    methadone (1.4.0)
      bundler
    motion-awesome (0.0.6)
      motion-map
    motion-cocoapods (1.4.2)
      cocoapods (>= 0.32.1)
    motion-map (0.0.4)
    motion-prime (0.9.9.1)
      activesupport
      afmotion (~> 2.1.0)
      bubble-wrap (~> 1.6.0)
      cocoapods
      methadone
      motion-cocoapods
      motion-require
      motion-support (~> 0.2.6)
      rm-digest
      sugarcube (~> 1.6.0)
      thor
    motion-require (0.2.0)
    motion-support (0.2.6)
      motion-require (>= 0.0.6)
    multi_json (1.10.1)
    nap (0.7.0)
    netrc (0.7.7)
    open4 (1.3.4)
    prime_awesome (0.0.1)
      cocoapods
      motion-awesome
      motion-cocoapods
      motion-require
    prime_reside_menu (0.1.4)
      cocoapods
      motion-cocoapods
      motion-require
    prime_sliding_action (0.3.0)
      cocoapods
      motion-cocoapods
      motion-prime (>= 0.9.9.1)
      motion-require
    rm-digest (0.0.2)
    sugarcube (1.6.2)
    thor (0.19.1)
    xcodeproj (0.17.0)
      activesupport (~> 3.0)
      colored (~> 1.2)

PLATFORMS
  ruby

DEPENDENCIES
  motion-cocoapods (~> 1.4.1)
  motion-prime (= 0.9.9.1)
  prime_awesome (~> 0.0.1)
  prime_reside_menu (~> 0.1.4)
  prime_sliding_action (= 0.3.0)
